PATH
  remote: .
  specs:
    rubycas-server (1.1.3.pre)
      activerecord (>= 2.3.12, < 4.0)
      activesupport (>= 2.3.12, < 4.0)
      crypt-isaac (~> 0.9.1)
      sinatra (~> 1.0)
      sinatra-r18n (~> 1.1.0)

GEM
  remote: http://rubygems.org/
  specs:
    activemodel (3.2.21)
      activesupport (= 3.2.21)
      builder (~> 3.0.0)
    activerecord (3.2.21)
      activemodel (= 3.2.21)
      activesupport (= 3.2.21)
      arel (~> 3.0.2)
      tzinfo (~> 0.3.29)
    activeresource (3.2.21)
      activemodel (= 3.2.21)
      activesupport (= 3.2.21)
    activesupport (3.2.21)
      i18n (~> 0.6, >= 0.6.4)
      multi_json (~> 1.0)
    addressable (2.3.8)
    appraisal (0.4.1)
      bundler
      rake
    arel (3.0.3)
    builder (3.0.4)
    capybara (1.1.2)
      mime-types (>= 1.16)
      nokogiri (>= 1.3.3)
      rack (>= 1.0.0)
      rack-test (>= 0.5.4)
      selenium-webdriver (~> 2.0)
      xpath (~> 0.1.4)
    celluloid (0.16.0)
      timers (~> 4.0.0)
    childprocess (0.5.6)
      ffi (~> 1.0, >= 1.0.11)
    crack (0.4.2)
      safe_yaml (~> 1.0.0)
    crypt-isaac (0.9.1)
    diff-lcs (1.2.5)
    ffi (1.9.8-x86-mingw32)
    guard (1.4.0)
      listen (>= 0.4.2)
      thor (>= 0.14.6)
    guard-rspec (2.0.0)
      guard (>= 1.1)
      rspec (~> 2.11)
    hitimes (1.2.2-x86-mingw32)
    i18n (0.7.0)
    listen (2.10.0)
      celluloid (~> 0.16.0)
      rb-fsevent (>= 0.9.3)
      rb-inotify (>= 0.9)
    mime-types (2.4.3)
    mini_portile (0.6.2)
    multi_json (1.11.0)
    net-ldap (0.1.1)
    nokogiri (1.6.6.2-x86-mingw32)
      mini_portile (~> 0.6.0)
    r18n-core (1.1.11)
    rack (1.6.0)
    rack-protection (1.5.3)
      rack
    rack-test (0.6.3)
      rack (>= 1.0)
    rake (0.8.7)
    rb-fsevent (0.9.4)
    rb-inotify (0.9.5)
      ffi (>= 0.5.0)
    rspec (2.99.0)
      rspec-core (~> 2.99.0)
      rspec-expectations (~> 2.99.0)
      rspec-mocks (~> 2.99.0)
    rspec-core (2.99.2)
    rspec-expectations (2.99.2)
      diff-lcs (>= 1.1.3, < 2.0)
    rspec-mocks (2.99.3)
    rubyzip (1.1.7)
    safe_yaml (1.0.4)
    selenium-webdriver (2.45.0)
      childprocess (~> 0.5)
      multi_json (~> 1.0)
      rubyzip (~> 1.0)
      websocket (~> 1.0)
    sinatra (1.4.6)
      rack (~> 1.4)
      rack-protection (~> 1.4)
      tilt (>= 1.3, < 3)
    sinatra-r18n (1.1.11)
      r18n-core (= 1.1.11)
      sinatra (>= 1.3)
    sqlite3 (1.3.10-x86-mingw32)
    thor (0.19.1)
    tilt (2.0.1)
    timers (4.0.1)
      hitimes
    tzinfo (0.3.43)
    webmock (1.21.0)
      addressable (>= 2.3.6)
      crack (>= 0.3.2)
    websocket (1.2.1)
    xpath (0.1.4)
      nokogiri (~> 1.3)

PLATFORMS
  x86-mingw32

DEPENDENCIES
  activeresource (>= 2.3.12, < 4.0)
  appraisal (~> 0.4.1)
  capybara (= 1.1.2)
  guard (~> 1.4.0)
  guard-rspec (= 2.0.0)
  net-ldap (~> 0.1.1)
  nokogiri (~> 1.3)
  rack-test
  rake (= 0.8.7)
  rspec
  rspec-core
  rubycas-server!
  sqlite3 (~> 1.3.1)
  webmock (~> 1.8)
